Brain Vision Data Exchange Header File Version 1.0
; Data created by the actiCHamp PyCorder

[Common Infos]
Codepage=UTF-8
DataFile=suj13_l2nap_day2.eeg
MarkerFile=suj13_l2nap_day2.vmrk
DataFormat=BINARY
; Data orientation: MULTIPLEXED=ch1,pt1, ch2,pt1 ...
DataOrientation=MULTIPLEXED
NumberOfChannels=64
; Sampling interval in microseconds
SamplingInterval=1000

[Binary Infos]
BinaryFormat=IEEE_FLOAT_32

[Channel Infos]
; Each entry: Ch<Channel number>=<Name>,<Reference channel name>,
; <Scaling factor in "Unit">,<Unit>, Future extensions..
; Fields are delimited by commas, some fields might be omitted (empty).
; Commas in channel names are coded as "\1".
Ch1=Fp1,REF,1.0,µV
Ch2=Fz,REF,1.0,µV
Ch3=F3,REF,1.0,µV
Ch4=F7,REF,1.0,µV
Ch5=FT9,REF,1.0,µV
Ch6=FC5,REF,1.0,µV
Ch7=FC1,REF,1.0,µV
Ch8=C3,REF,1.0,µV
Ch9=T7,REF,1.0,µV
Ch10=CP5,REF,1.0,µV
Ch11=CP1,REF,1.0,µV
Ch12=Pz,REF,1.0,µV
Ch13=P3,REF,1.0,µV
Ch14=P7,REF,1.0,µV
Ch15=O1,REF,1.0,µV
Ch16=Oz,REF,1.0,µV
Ch17=O2,REF,1.0,µV
Ch18=P4,REF,1.0,µV
Ch19=P8,REF,1.0,µV
Ch20=TP10,REF,1.0,µV
Ch21=CP6,REF,1.0,µV
Ch22=CP2,REF,1.0,µV
Ch23=Cz,REF,1.0,µV
Ch24=C4,REF,1.0,µV
Ch25=T8,REF,1.0,µV
Ch26=FT10,REF,1.0,µV
Ch27=FC6,REF,1.0,µV
Ch28=FC2,REF,1.0,µV
Ch29=F4,REF,1.0,µV
Ch30=F8,REF,1.0,µV
Ch31=Fp2,REF,1.0,µV
Ch32=AF7,REF,1.0,µV
Ch33=AF3,REF,1.0,µV
Ch34=AFz,REF,1.0,µV
Ch35=F1,REF,1.0,µV
Ch36=F5,REF,1.0,µV
Ch37=FT7,REF,1.0,µV
Ch38=FC3,REF,1.0,µV
Ch39=FCz,REF,1.0,µV
Ch40=C1,REF,1.0,µV
Ch41=C5,REF,1.0,µV
Ch42=TP7,REF,1.0,µV
Ch43=CP3,REF,1.0,µV
Ch44=P1,REF,1.0,µV
Ch45=P5,REF,1.0,µV
Ch46=PO7,REF,1.0,µV
Ch47=PO3,REF,1.0,µV
Ch48=POz,REF,1.0,µV
Ch49=PO4,REF,1.0,µV
Ch50=PO8,REF,1.0,µV
Ch51=P6,REF,1.0,µV
Ch52=P2,REF,1.0,µV
Ch53=CPz,REF,1.0,µV
Ch54=CP4,REF,1.0,µV
Ch55=TP8,REF,1.0,µV
Ch56=C6,REF,1.0,µV
Ch57=C2,REF,1.0,µV
Ch58=FC4,REF,1.0,µV
Ch59=FT8,REF,1.0,µV
Ch60=F6,REF,1.0,µV
Ch61=F2,REF,1.0,µV
Ch62=LOc,REF,1.0,µV
Ch63=ROc,REF,1.0,µV
Ch64=Aux1,,1.0,µV

[Comment]
PyCorder V1.0.9

Amplifier
actiCHamp (5001) SN: 13010138 Rev. 2
Module 1  (5010) SN: 12110238
Module 2  (5010) SN: 12110288
Module 3  (5010) SN: 12110298
Module 4  (5010) SN: 12110297
Module 5  n.a.
Version: DLL_25.14.08.04, DRV_03.04.01.146, CTRL_04.11.04.28, FPGA_44.00.00.00, DSP_06.11.05.25



Reference channel: TP9

Impedance [KOhm] at 11:49:11 (recording started at 11:49:31)
  1 Fp1: 4
  2 Fz: 0
  3 F3: 0
  4 F7: 4
  5 FT9: 5
  6 FC5: 2
  7 FC1: 1
  8 C3: 5
  9 T7: 4
 10 REF_TP9: 2
 11 CP5: 0
 12 CP1: 8
 13 Pz: 1
 14 P3: 0
 15 P7: 1
 16 O1: 0
 17 Oz: 1
 18 O2: 1
 19 P4: 5
 20 P8: 1
 21 TP10: 9
 22 CP6: 3
 23 CP2: 7
 24 Cz: 4
 25 C4: 3
 26 T8: 1
 27 FT10: 6
 28 FC6: 3
 29 FC2: 1
 30 F4: 1
 31 F8: 3
 32 Fp2: 3
 33 AF7: 2
 34 AF3: 1
 35 AFz: 2
 36 F1: 0
 37 F5: 5
 38 FT7: 4
 39 FC3: 2
 40 FCz: 2
 41 C1: 2
 42 C5: 4
 43 TP7: 1
 44 CP3: 1
 45 P1: 5
 46 P5: 0
 47 PO7: 0
 48 PO3: 1
 49 POz: 8
 50 PO4: 4
 51 PO8: 2
 52 P6: 4
 53 P2: 11
 54 CPz: 2
 55 CP4: 3
 56 TP8: 4
 57 C6: 2
 58 C2: 5
 59 FC4: 2
 60 FT8: 1
 61 F6: 2
 62 F2: 0
 63 LOc: 15
 64 ROc: 1
GND: 16
